GEM
  remote: http://rubygems.org/
  specs:
    anemone (0.7.2)
      nokogiri (>= 1.3.0)
      robotex (>= 1.0.0)
    byebug (4.0.2)
      columnize (= 0.9.0)
    choice (0.1.6)
    coderay (1.1.0)
    columnize (0.9.0)
    method_source (0.8.2)
    nokogiri (1.5.5)
    pry (0.10.1)
      coderay (~> 1.1.0)
      method_source (~> 0.8.1)
      slop (~> 3.4)
    pry-byebug (3.1.0)
      byebug (~> 4.0)
      pry (~> 0.10)
    robotex (1.0.0)
    slop (3.6.0)

PLATFORMS
  ruby

DEPENDENCIES
  anemone
  choice
  nokogiri
  pry-byebug

BUNDLED WITH
   1.10.4
